GIT
  remote: https://github.com/clbustos/rinruby.git
  revision: fa04e5fd5048445b0aa49786b6cba41724251673
  ref: fa04e5fd5048445b0aa49786b6cba41724251673
  specs:
    rinruby (2.1.0)

GIT
  remote: https://github.com/forest-implementation/ml-forest
  revision: 252a5d6a7e7ef31dd955c6956b24254b40573c32
  specs:
    ml-forest (0.1.0)

PATH
  remote: .
  specs:
    ml-experiment (0.1.0)

PATH
  remote: /home/adamo/source/rubyml/ml-service-isolation
  specs:
    ml-service-isolation (0.1.0)

GEM
  remote: https://rubygems.org/
  specs:
    ast (2.4.2)
    base64 (0.1.1)
    diff-lcs (1.5.0)
    enumerable-statistics (2.0.7)
    erubi (1.12.0)
    gnuplot (2.6.2)
    json (2.6.3)
    language_server-protocol (3.17.0.3)
    matrix (0.4.2)
    minitest (5.19.0)
    netrc (0.11.0)
    parallel (1.23.0)
    parser (3.2.2.3)
      ast (~> 2.4.1)
      racc
    prettier_print (1.2.1)
    racc (1.7.1)
    rainbow (3.1.1)
    rake (13.0.6)
    rbi (0.0.17)
      ast
      parser (>= 3.0.0)
      sorbet-runtime (>= 0.5.9204)
      unparser (>= 0.5.6)
    regexp_parser (2.8.1)
    rexml (3.2.6)
    rubocop (1.56.2)
      base64 (~> 0.1.1)
      json (~> 2.3)
      language_server-protocol (>= 3.17.0)
      parallel (~> 1.10)
      parser (>= 3.2.2.3)
      rainbow (>= 2.2.2, < 4.0)
      regexp_parser (>= 1.8, < 3.0)
      rexml (>= 3.2.5, < 4.0)
      rubocop-ast (>= 1.28.1, < 2.0)
      ruby-progressbar (~> 1.7)
      unicode-display_width (>= 2.4.0, < 3.0)
    rubocop-ast (1.29.0)
      parser (>= 3.2.1.0)
    ruby-progressbar (1.13.0)
    rubystats (0.4.1)
      matrix
    sorbet (0.5.11001)
      sorbet-static (= 0.5.11001)
    sorbet-runtime (0.5.11001)
    sorbet-static (0.5.11001-x86_64-linux)
    sorbet-static-and-runtime (0.5.11001)
      sorbet (= 0.5.11001)
      sorbet-runtime (= 0.5.11001)
    spoom (1.2.3)
      erubi (>= 1.10.0)
      sorbet-static-and-runtime (>= 0.5.10187)
      syntax_tree (>= 6.1.1)
      thor (>= 0.19.2)
    svg-graph (2.2.2)
    syntax_tree (6.1.1)
      prettier_print (>= 1.2.0)
    tapioca (0.11.8)
      bundler (>= 2.2.25)
      netrc (>= 0.11.0)
      parallel (>= 1.21.0)
      rbi (~> 0.0.0, >= 0.0.16)
      sorbet-static-and-runtime (>= 0.5.10187)
      spoom (~> 1.2.0, >= 1.2.0)
      thor (>= 1.2.0)
      yard-sorbet
    thor (1.2.2)
    unicode-display_width (2.4.2)
    unparser (0.6.8)
      diff-lcs (~> 1.3)
      parser (>= 3.2.0)
    yard (0.9.34)
    yard-sorbet (0.8.1)
      sorbet-runtime (>= 0.5)
      yard (>= 0.9)

PLATFORMS
  x86_64-linux

DEPENDENCIES
  enumerable-statistics (~> 2.0)
  gnuplot (~> 2.6)
  minitest (~> 5.0)
  ml-experiment!
  ml-forest!
  ml-service-isolation!
  rake (~> 13.0)
  rinruby!
  rubocop (~> 1.21)
  rubystats
  sorbet
  sorbet-runtime
  svg-graph
  tapioca

BUNDLED WITH
   2.4.10
